{
    "Modality": "MR",
    "MagneticFieldStrength": 3,
    "ImagingFrequency": 123.25483,
    "Manufacturer": "Siemens",
    "BodyPartExamined": "BRAIN",
    "PatientPosition": "HFS",
    "SoftwareVersions": "syngo MR E11",
    "MRAcquisitionType": "3D",
    "SeriesDescription": "T1w_MPR",
    "ProtocolName": "T1w_MPR",
    "ScanningSequence": "GR\\IR",
    "SequenceVariant": "SK\\SP\\MP",
    "ScanOptions": "IR\\WE",
    "SequenceName": "*tfl3d1_16ns",
    "ImageType": [
        "ORIGINAL",
        "PRIMARY",
        "M",
        "ND",
        "NORM"
    ],
    "SliceThickness": 0.8,
    "SAR": 0.0342091,
    "EchoTime": 0.00222,
    "RepetitionTime": 2.4,
    "SpoilingState": true,
    "InversionTime": 1,
    "FlipAngle": 8,
    "PartialFourier": 1,
    "BaseResolution": 320,
    "ShimSetting": [
        -373,
        5405,
        1157,
        297,
        -54,
        -564,
        1,
        130
    ],
    "TxRefAmp": 211.228,
    "PhaseResolution": 1,
    "ReceiveCoilName": "HeadNeck_64",
    "ReceiveCoilActiveElements": "HC1-7;NC1,2",
    "RefLinesPE": 32,
    "CoilCombinationMethod": "Adaptive Combine",
    "ConsistencyInfo": "N4_VE11B_LATEST_20150530",
    "MatrixCoilMode": "GRAPPA",
    "PercentPhaseFOV": 93.75,
    "PercentSampling": 100,
    "PhaseEncodingSteps": 299,
    "AcquisitionMatrixPE": 300,
    "ReconMatrixPE": 300,
    "ParallelReductionFactorInPlane": 2,
    "PixelBandwidth": 220,
    "DwellTime": 7.1e-06,
    "ImageOrientationPatientDICOM": [
        0.0365325,
        0.997039,
        0.0676669,
        0.00448418,
        0.0675479,
        -0.997706
    ],
    "ImageOrientationText": "Sag>Cor(2.1)>Tra(-0.1)",
    "InPlanePhaseEncodingDirectionDICOM": "ROW",
    "BidsGuess": [
        "anat",
        "_acq-tfl3p2_run-12_T1w"
    ],
    "AcquisitionDateTime": "2023-02-07T07:30:00"
}