{
    "Modality": "MR",
    "MagneticFieldStrength": 3,
    "ImagingFrequency": 123.248776,
    "Manufacturer": "Siemens",
    "BodyPartExamined": "BRAIN",
    "PatientPosition": "HFS",
    "SoftwareVersions": "syngo MR XA30",
    "MRAcquisitionType": "3D",
    "SeriesDescription": "T2w_SPC",
    "ProtocolName": "T2w_SPC",
    "ScanningSequence": "SE",
    "SequenceVariant": "SP\\SK",
    "ScanOptions": "PFP\\PER",
    "SequenceName": "*spc_314ns",
    "ImageType": [
        "ORIGINAL",
        "PRIMARY",
        "M",
        "NORM",
        "DIS2D",
        "MFSPLIT"
    ],
    "ImageTypeText": [
        "ORIGINAL",
        "PRIMARY",
        "M",
        "NONE"
    ],
    "NonlinearGradientCorrection": true,
    "SliceThickness": 0.8,
    "SAR": 0.128096,
    "EchoTime": 0.563,
    "RepetitionTime": 3.2,
    "FlipAngle": 120,
    "PartialFourier": 1,
    "BaseResolution": 320,
    "ShimSetting": [
        -1138,
        4337,
        -5981,
        138,
        65,
        -293,
        26,
        67
    ],
    "TxRefAmp": 218.347,
    "PhaseResolution": 1,
    "ReceiveCoilName": "HeadNeck_64",
    "ReceiveCoilActiveElements": "HC1-7;NC1,2",
    "CoilString": "HeadNeck_64",
    "RefLinesPE": 32,
    "CoilCombinationMethod": "Adaptive Combine",
    "MatrixCoilMode": "GRAPPA",
    "PercentPhaseFOV": 93.75,
    "PercentSampling": 100,
    "EchoTrainLength": 314,
    "PhaseEncodingSteps": 300,
    "AcquisitionMatrixPE": 300,
    "ReconMatrixPE": 300,
    "ParallelReductionFactorInPlane": 2,
    "PixelBandwidth": 744,
    "DwellTime": 2.1e-06,
    "PhaseEncodingDirection": "i",
    "ImageOrientationPatientDICOM": [
        -0.0367422,
        0.998517,
        -0.0401756,
        -0.0789642,
        -0.042978,
        -0.995951
    ],
    "InPlanePhaseEncodingDirectionDICOM": "ROW",
    "BidsGuess": [
        "func",
        "_acq-spc3p2_dir-RL_run-20001_bold"
    ],
    "AcquisitionDateTime": "2023-03-27T08:00:00"
}