{
    "Modality": "MR",
    "MagneticFieldStrength": 3,
    "ImagingFrequency": 123.248797,
    "Manufacturer": "Siemens",
    "BodyPartExamined": "BRAIN",
    "PatientPosition": "HFS",
    "SoftwareVersions": "syngo MR XA30",
    "MRAcquisitionType": "3D",
    "SeriesDescription": "T2w_SPC",
    "ProtocolName": "T2w_SPC",
    "ScanningSequence": "SE",
    "SequenceVariant": "SP\\SK",
    "ScanOptions": "PFP\\PER",
    "SequenceName": "*spc_314ns",
    "ImageType": [
        "ORIGINAL",
        "PRIMARY",
        "M",
        "NORM",
        "DIS2D",
        "MFSPLIT"
    ],
    "ImageTypeText": [
        "ORIGINAL",
        "PRIMARY",
        "M",
        "NONE"
    ],
    "NonlinearGradientCorrection": true,
    "SliceThickness": 0.8,
    "SAR": 0.175304,
    "EchoTime": 0.563,
    "RepetitionTime": 3.2,
    "FlipAngle": 120,
    "PartialFourier": 1,
    "BaseResolution": 320,
    "ShimSetting": [
        -1112,
        4307,
        -5933,
        103,
        59,
        -447,
        132,
        -19
    ],
    "TxRefAmp": 269.105,
    "PhaseResolution": 1,
    "ReceiveCoilName": "HeadNeck_64",
    "ReceiveCoilActiveElements": "HC1-7;NC1,2",
    "CoilString": "HeadNeck_64",
    "RefLinesPE": 32,
    "CoilCombinationMethod": "Adaptive Combine",
    "MatrixCoilMode": "GRAPPA",
    "PercentPhaseFOV": 93.75,
    "PercentSampling": 100,
    "EchoTrainLength": 314,
    "PhaseEncodingSteps": 300,
    "AcquisitionMatrixPE": 300,
    "ReconMatrixPE": 300,
    "ParallelReductionFactorInPlane": 2,
    "PixelBandwidth": 744,
    "DwellTime": 2.1e-06,
    "PhaseEncodingDirection": "i",
    "ImageOrientationPatientDICOM": [
        -0.0843239,
        0.996211,
        0.0212897,
        -0.0144667,
        0.0201395,
        -0.999693
    ],
    "InPlanePhaseEncodingDirectionDICOM": "ROW",
    "BidsGuess": [
        "func",
        "_acq-spc3p2_dir-RL_run-18001_bold"
    ],
    "AcquisitionDateTime": "2023-05-16T08:00:00"
}